GEM
  remote: http://rubygems.org/
  specs:
    bdb (0.2.6.5)
      tuple (>= 0.1.2)
    bzip2-ruby (0.2.7)
    tuple (0.1.2)

PLATFORMS
  ruby

DEPENDENCIES
  bdb
  bzip2-ruby
